PATH
  remote: .
  specs:
    brcobranca (3.2.0)
      activemodel (~> 3)
      parseline (>= 1.0.3)
      rghost (~> 0.9)
      rghost_barcode (~> 0.9)

GEM
  remote: https://rubygems.org/
  specs:
    activemodel (3.2.15)
      activesupport (= 3.2.15)
      builder (~> 3.0.0)
    activesupport (3.2.15)
      i18n (~> 0.6, >= 0.6.4)
      multi_json (~> 1.0)
    builder (3.0.4)
    diff-lcs (1.2.4)
    i18n (0.6.5)
    multi_json (1.8.2)
    parseline (1.0.3)
    rake (10.1.0)
    rghost (0.9.3)
    rghost_barcode (0.9)
    rspec (2.14.1)
      rspec-core (~> 2.14.0)
      rspec-expectations (~> 2.14.0)
      rspec-mocks (~> 2.14.0)
    rspec-core (2.14.7)
    rspec-expectations (2.14.3)
      diff-lcs (>= 1.1.3, < 2.0)
    rspec-mocks (2.14.4)

PLATFORMS
  ruby
  x86-mingw32

DEPENDENCIES
  brcobranca!
  rake
  rspec
